GEM
  remote: https://rubygems.org/
  specs:
    base64 (0.2.0)
    json (2.9.1)
    json (2.9.1-java)
    logger (1.6.5)
    minitest (5.25.4)
    mustermann (3.0.3)
      ruby2_keywords (~> 0.0.1)
    nio4r (2.7.4)
    nio4r (2.7.4-java)
    nkf (0.2.0)
    nkf (0.2.0-java)
    puma (6.5.0)
      nio4r (~> 2.0)
    puma (6.5.0-java)
      nio4r (~> 2.0)
    rack (3.1.8)
    rack-protection (4.1.1)
      base64 (>= 0.1.0)
      logger (>= 1.6.0)
      rack (>= 3.0.0, < 4)
    rack-session (2.1.0)
      base64 (>= 0.1.0)
      rack (>= 3.0.0)
    rackup (2.2.1)
      rack (>= 3)
    rexml (3.4.0)
    ruby2_keywords (0.0.5)
    rubyzip (2.4.1)
    selenium-webdriver (4.28.0)
      base64 (~> 0.2)
      logger (~> 1.4)
      rexml (~> 3.2, >= 3.2.5)
      rubyzip (>= 1.2.2, < 3.0)
      websocket (~> 1.0)
    sinatra (4.1.1)
      logger (>= 1.6.0)
      mustermann (~> 3.0)
      rack (>= 3.0.0, < 4)
      rack-protection (= 4.1.1)
      rack-session (>= 2.0.0, < 3)
      tilt (~> 2.0)
    tilt (2.6.0)
    websocket (1.2.11)

PLATFORMS
  universal-java-21
  x64-mingw-ucrt

DEPENDENCIES
  json
  minitest (~> 5.25)
  nkf
  puma
  rackup
  selenium-webdriver
  sinatra

BUNDLED WITH
   2.6.2
